GEM
  remote: https://rubygems.org/
  specs:
    ffi (1.9.23)
    mqtt (0.5.0)
    rubyserial (0.5.0)
      ffi (~> 1.9, >= 1.9.3)

PLATFORMS
  ruby

DEPENDENCIES
  mqtt
  rubyserial

BUNDLED WITH
   1.16.1
